GEM
  remote: https://rubygems.org/
  specs:
    builder (3.2.2)
    jwt (1.5.0)
    multi_json (1.11.0)
    rack (1.6.1)
    sinatra (1.1.0)
      rack (~> 1.1)
      tilt (~> 1.1)
    slim (3.0.3)
      temple (~> 0.7.3)
      tilt (>= 1.3.3, < 2.1)
    temple (0.7.5)
    tilt (1.4.1)
    twilio-ruby (4.2.0)
      builder (>= 2.1.2)
      jwt (~> 1.0)
      multi_json (>= 1.3.0)

PLATFORMS
  x86-mingw32

DEPENDENCIES
  sinatra (= 1.1.0)
  slim
  twilio-ruby
